GEM
  remote: https://rubygems.org/
  specs:
    addressable (2.4.0)
    cookiejar (0.3.0)
    diff-lcs (1.2.5)
    em-http-request (1.1.3)
      addressable (>= 2.3.4)
      cookiejar (<= 0.3.0)
      em-socksify (>= 0.3)
      eventmachine (>= 1.0.3)
      http_parser.rb (>= 0.6.0)
    em-socksify (0.3.1)
      eventmachine (>= 1.0.0.beta.4)
    em-synchrony (1.0.4)
      eventmachine (>= 1.0.0.beta.1)
    eventmachine (1.0.9.1)
    eventmachine_httpserver (0.2.1)
    http_parser.rb (0.6.0)
    multi_json (1.11.2)
    puffing-billy (0.6.2)
      addressable
      em-http-request (~> 1.1.0)
      em-synchrony
      eventmachine (~> 1.0.4)
      eventmachine_httpserver
      http_parser.rb (~> 0.6.0)
      multi_json
    rspec (3.1.0)
      rspec-core (~> 3.1.0)
      rspec-expectations (~> 3.1.0)
      rspec-mocks (~> 3.1.0)
    rspec-core (3.1.7)
      rspec-support (~> 3.1.0)
    rspec-expectations (3.1.2)
      diff-lcs (>= 1.2.0, < 2.0)
      rspec-support (~> 3.1.0)
    rspec-mocks (3.1.3)
      rspec-support (~> 3.1.0)
    rspec-support (3.1.2)

PLATFORMS
  ruby

DEPENDENCIES
  puffing-billy
  rspec

BUNDLED WITH
   1.10.6
